GEM
  remote: https://rubygems.org/
  specs:
    diff-lcs (1.2.5)
    eventmachine (1.0.6)
    fakefs (0.6.0)
    faker (1.4.3)
      i18n (~> 0.5)
    faye-websocket (0.9.2)
      eventmachine (>= 0.12.0)
      websocket-driver (>= 0.5.1)
    hiredis (0.6.0)
    i18n (0.6.11)
    mail (2.6.3)
      mime-types (>= 1.16, < 3)
    mime-types (2.4.3)
    multi_json (1.10.1)
    oj (2.11.4)
    puma (2.10.2)
      rack (>= 1.1, < 2.0)
    rack (1.6.0)
    rack-protection (1.5.3)
      rack
    redis (3.2.0)
    rspec (3.1.0)
      rspec-core (~> 3.1.0)
      rspec-expectations (~> 3.1.0)
      rspec-mocks (~> 3.1.0)
    rspec-core (3.1.7)
      rspec-support (~> 3.1.0)
    rspec-expectations (3.1.2)
      diff-lcs (>= 1.2.0, < 2.0)
      rspec-support (~> 3.1.0)
    rspec-mocks (3.1.3)
      rspec-support (~> 3.1.0)
    rspec-support (3.1.2)
    sinatra (1.4.5)
      rack (~> 1.4)
      rack-protection (~> 1.4)
      tilt (~> 1.3, >= 1.3.4)
    tilt (1.4.1)
    websocket-driver (0.5.1)
      websocket-extensions (>= 0.1.0)
    websocket-extensions (0.1.1)
    yard (0.8.7.4)

PLATFORMS
  ruby

DEPENDENCIES
  fakefs
  faker
  faye-websocket
  hiredis
  mail
  multi_json
  oj
  puma
  redis
  rspec
  sinatra
  yard
